GEM
  remote: http://rubygems.org/
  specs:
    abstract (1.0.0)
    actionmailer (3.0.5)
      actionpack (= 3.0.5)
      mail (~> 2.2.15)
    actionpack (3.0.5)
      activemodel (= 3.0.5)
      activesupport (= 3.0.5)
      builder (~> 2.1.2)
      erubis (~> 2.6.6)
      i18n (~> 0.4)
      rack (~> 1.2.1)
      rack-mount (~> 0.6.13)
      rack-test (~> 0.5.7)
      tzinfo (~> 0.3.23)
    activemodel (3.0.5)
      activesupport (= 3.0.5)
      builder (~> 2.1.2)
      i18n (~> 0.4)
    activerecord (3.0.5)
      activemodel (= 3.0.5)
      activesupport (= 3.0.5)
      arel (~> 2.0.2)
      tzinfo (~> 0.3.23)
    activeresource (3.0.5)
      activemodel (= 3.0.5)
      activesupport (= 3.0.5)
    activesupport (3.0.5)
    addressable (2.2.8)
    annotate (2.4.0)
    arel (2.0.10)
    bcrypt-ruby (3.0.1)
    builder (2.1.2)
    capybara (1.1.2)
      mime-types (>= 1.16)
      nokogiri (>= 1.3.3)
      rack (>= 1.0.0)
      rack-test (>= 0.5.4)
      selenium-webdriver (~> 2.0)
      xpath (~> 0.1.4)
    childprocess (0.3.2)
      ffi (~> 1.0.6)
    database_cleaner (0.7.2)
    devise (1.5.3)
      bcrypt-ruby (~> 3.0)
      orm_adapter (~> 0.0.3)
      warden (~> 1.1)
    diff-lcs (1.1.3)
    dragonfly (0.9.12)
      rack
    dynamic_form (1.1.4)
    erubis (2.6.6)
      abstract (>= 1.0.0)
    excon (0.13.4)
    factory_girl (2.6.4)
      activesupport (>= 2.3.9)
    factory_girl_rails (1.7.0)
      factory_girl (~> 2.6.0)
      railties (>= 3.0.0)
    faker (0.3.1)
    ffi (1.0.11)
    fog (1.3.1)
      builder
      excon (~> 0.13.0)
      formatador (~> 0.2.0)
      mime-types
      multi_json (~> 1.0)
      net-scp (~> 1.0.4)
      net-ssh (>= 2.1.3)
      nokogiri (~> 1.5.0)
      ruby-hmac
    formatador (0.2.3)
    gravatar_image_tag (1.0.0.pre2)
    i18n (0.6.0)
    jrails (0.6.0)
    jruby-pageant (1.0.2)
    libwebsocket (0.1.3)
      addressable
    mail (2.2.19)
      activesupport (>= 2.3.6)
      i18n (>= 0.4.0)
      mime-types (~> 1.16)
      treetop (~> 1.4.8)
    mime-types (1.18)
    mini_magick (3.4)
      subexec (~> 0.2.1)
    multi_json (1.3.5)
    net-scp (1.0.4)
      net-ssh (>= 1.99.1)
    net-ssh (2.4.0)
      jruby-pageant (>= 1.0.2)
    nokogiri (1.5.2)
    orm_adapter (0.0.7)
    polyglot (0.3.3)
    rack (1.2.5)
    rack-cache (1.2)
      rack (>= 0.4)
    rack-mount (0.6.14)
      rack (>= 1.0.0)
    rack-test (0.5.7)
      rack (>= 1.0)
    rails (3.0.5)
      actionmailer (= 3.0.5)
      actionpack (= 3.0.5)
      activerecord (= 3.0.5)
      activeresource (= 3.0.5)
      activesupport (= 3.0.5)
      bundler (~> 1.0)
      railties (= 3.0.5)
    railties (3.0.5)
      actionpack (= 3.0.5)
      activesupport (= 3.0.5)
      rake (>= 0.8.7)
      thor (~> 0.14.4)
    rake (0.8.7)
    rmagick (2.13.1)
    rspec (2.6.0)
      rspec-core (~> 2.6.0)
      rspec-expectations (~> 2.6.0)
      rspec-mocks (~> 2.6.0)
    rspec-core (2.6.4)
    rspec-expectations (2.6.0)
      diff-lcs (~> 1.1.2)
    rspec-mocks (2.6.0)
    rspec-rails (2.6.0)
      actionpack (~> 3.0)
      activesupport (~> 3.0)
      railties (~> 3.0)
      rspec (~> 2.6.0)
    ruby-hmac (0.4.0)
    rubyzip (0.9.8)
    selenium-webdriver (2.21.2)
      childprocess (>= 0.2.5)
      ffi (~> 1.0)
      libwebsocket (~> 0.1.3)
      multi_json (~> 1.0)
      rubyzip
    sqlite3 (1.3.6)
    sqlite3-ruby (1.3.2)
    subexec (0.2.2)
    thor (0.14.6)
    treetop (1.4.10)
      polyglot
      polyglot (>= 0.3.1)
    tzinfo (0.3.33)
    warden (1.2.0)
      rack (>= 1.0)
    will_paginate (3.0.pre2)
    xpath (0.1.4)
      nokogiri (~> 1.3)

PLATFORMS
  ruby

DEPENDENCIES
  annotate (= 2.4.0)
  capybara (= 1.1.2)
  database_cleaner
  devise (= 1.5.3)
  dragonfly (~> 0.9.8)
  dynamic_form
  factory_girl_rails (~> 1.1)
  faker (= 0.3.1)
  fog
  gravatar_image_tag (= 1.0.0.pre2)
  jrails
  mini_magick (= 3.4)
  nokogiri
  rack-cache
  rails (= 3.0.5)
  rake (= 0.8.7)
  rmagick (= 2.13.1)
  rspec (= 2.6.0)
  rspec-rails (= 2.6.0)
  sqlite3
  sqlite3-ruby (= 1.3.2)
  will_paginate (= 3.0.pre2)
